GEM
  remote: https://rubygems.org/
  specs:
    activemodel (4.1.0)
      activesupport (= 4.1.0)
      builder (~> 3.1)
    activerecord (4.1.0)
      activemodel (= 4.1.0)
      activesupport (= 4.1.0)
      arel (~> 5.0.0)
    activesupport (4.1.0)
      i18n (~> 0.6, >= 0.6.9)
      json (~> 1.7, >= 1.7.7)
      minitest (~> 5.1)
      thread_safe (~> 0.1)
      tzinfo (~> 1.1)
    arel (5.0.1.20140414130214)
    builder (3.2.2)
    dnsimple-ruby (1.5.3)
      httparty (~> 0.12)
    dotenv (0.11.1)
      dotenv-deployment (~> 0.0.2)
    dotenv-deployment (0.0.2)
    httparty (0.13.1)
      json (~> 1.8)
      multi_xml (>= 0.5.2)
    i18n (0.6.9)
    json (1.8.1)
    minitest (5.3.3)
    multi_xml (0.5.5)
    netrc (0.7.7)
    rack (1.5.2)
    rack-protection (1.5.3)
      rack
    rest_client (1.7.3)
      netrc (~> 0.7.7)
    sinatra (1.4.5)
      rack (~> 1.4)
      rack-protection (~> 1.4)
      tilt (~> 1.3, >= 1.3.4)
    sinatra-activerecord (2.0.1)
      activerecord (>= 3.2)
      sinatra (~> 1.0)
    thread_safe (0.3.3)
    tilt (1.4.1)
    tzinfo (1.1.0)
      thread_safe (~> 0.1)
    whois (3.5.3)
      activesupport (>= 3)

PLATFORMS
  ruby

DEPENDENCIES
  dnsimple-ruby
  dotenv
  rest_client
  sinatra
  sinatra-activerecord
  whois
